PATH
  remote: .
  specs:
    l5r (0.1.0)
      dotenv (>= 0.11.1)
      highline (>= 1.6.21)
      httparty (>= 0.13.1)
      nokogiri (>= 1.6.2.1)

GEM
  remote: https://rubygems.org/
  specs:
    dotenv (0.11.1)
      dotenv-deployment (~> 0.0.2)
    dotenv-deployment (0.0.2)
    highline (1.6.21)
    httparty (0.13.1)
      json (~> 1.8)
      multi_xml (>= 0.5.2)
    json (1.8.1)
    mini_portile (0.6.0)
    multi_xml (0.5.5)
    nokogiri (1.6.2.1)
      mini_portile (= 0.6.0)
    rake (10.1.0)

PLATFORMS
  ruby

DEPENDENCIES
  bundler (~> 1.6)
  l5r!
  rake
